GEM
  remote: https://rubygems.org/
  specs:
    ffi (1.14.2)
    jekyll-watch (2.2.1)
      listen (~> 3.0)
    listen (3.4.1)
      rb-fsevent (~> 0.10, >= 0.10.3)
      rb-inotify (~> 0.9, >= 0.9.10)
    rb-fsevent (0.10.4)
    rb-inotify (0.10.1)
      ffi (~> 1.0)
    webrick (1.7.0)

PLATFORMS
  arm64-darwin-20

DEPENDENCIES
  jekyll-watch
  webrick (~> 1.7)

BUNDLED WITH
   2.2.8
